GEM
  remote: https://rubygems.org/
  specs:
    coderay (1.1.3)
    date (3.3.4)
    json (2.7.2)
    method_source (1.1.0)
    minitest (5.22.3)
    pry (0.14.2)
      coderay (~> 1.1)
      method_source (~> 1.0)
    ruby-prof (1.7.0)
    stackprof (0.2.26)

PLATFORMS
  x86_64-darwin-21

DEPENDENCIES
  date
  json
  minitest
  pry
  ruby-prof
  stackprof

RUBY VERSION
   ruby 3.1.2p20

BUNDLED WITH
   2.3.7
